GEM
  remote: https://rubygems.org/
  specs:
    sample (0.1.1)

PLATFORMS
  x86_64-linux

DEPENDENCIES
  sample

BUNDLED WITH
   2.4.12
